GIT
  remote: git@github.com:eventmachine/eventmachine.git
  revision: 98ff494aac2279af2675fd8dd49cc5f130f8b236
  specs:
    eventmachine (1.2.5)

GIT
  remote: git@github.com:igrigorik/em-http-request.git
  revision: 6061430336bd1421b25c2244d5b85e4cdfcfb3f7
  specs:
    em-http-request (1.1.5)
      addressable (>= 2.3.4)
      cookiejar (!= 0.3.1)
      em-socksify (>= 0.3)
      eventmachine (>= 1.0.3)
      http_parser.rb (>= 0.6.0)

GEM
  remote: http://rubygems.org/
  specs:
    addressable (2.5.2)
      public_suffix (>= 2.0.2, < 4.0)
    cookiejar (0.3.3)
    em-socksify (0.3.2)
      eventmachine (>= 1.0.0.beta.4)
    em-stathat (0.1.0)
      em-http-request (~> 1.0)
    http_parser.rb (0.6.0)
    log4r (1.1.10)
    power_assert (2.0.1)
    public_suffix (3.0.2)
    test-unit (3.5.1)
      power_assert
    yajl-ruby (1.3.1)

PLATFORMS
  ruby

DEPENDENCIES
  em-http-request!
  em-stathat
  eventmachine!
  log4r
  test-unit
  yajl-ruby

BUNDLED WITH
   1.16.1
